PATH
  remote: .
  specs:
    blastr (1)
      git

GEM
  remote: http://rubygems.org/
  specs:
    git (1.2.5)
    metaclass (0.0.1)
    mocha (0.13.1)
      metaclass (~> 0.0.1)

PLATFORMS
  ruby

DEPENDENCIES
  blastr!
  mocha
