PATH
  remote: .
  specs:
    blastr (0.2.3)
      git

GEM
  remote: http://rubygems.org/
  specs:
    git (1.11.0)
      rchardet (~> 1.8)
    metaclass (0.0.1)
    mocha (0.13.1)
      metaclass (~> 0.0.1)
    rake (10.1.0)
    rchardet (1.8.0)

PLATFORMS
  ruby

DEPENDENCIES
  blastr!
  mocha
  rake
