PATH
  remote: .
  specs:
    blastr (0.2.3)
      git

GEM
  remote: http://rubygems.org/
  specs:
    addressable (2.8.1)
      public_suffix (>= 2.0.2, < 6.0)
    git (1.13.0)
      addressable (~> 2.8)
      rchardet (~> 1.8)
    metaclass (0.0.1)
    mocha (0.13.1)
      metaclass (~> 0.0.1)
    public_suffix (5.0.1)
    rake (10.1.0)
    rchardet (1.8.0)

PLATFORMS
  ruby

DEPENDENCIES
  blastr!
  mocha
  rake
